PATH
  remote: vendor/gems/puppet-4.5.2
  specs:
    puppet (4.5.2)
      facter (> 2.0, < 4)
      hiera (>= 2.0, < 4)
      json_pure

GEM
  remote: http://rubygems.org/
  specs:
    CFPropertyList (2.2.8)
    ast (2.3.0)
    awesome_print (1.7.0)
    coderay (1.1.1)
    diff-lcs (1.2.5)
    facets (3.1.0)
    facter (2.4.6)
      CFPropertyList (~> 2.2.6)
    fakefs (0.9.0)
    hiera (3.2.0)
      json_pure
    json (1.8.3)
    json_pure (2.0.2)
    method_source (0.8.2)
    parser (2.3.1.2)
      ast (~> 2.2)
    powerpack (0.1.1)
    pry (0.10.4)
      coderay (~> 1.1.0)
      method_source (~> 0.8.1)
      slop (~> 3.4)
    rainbow (2.1.0)
    rake (11.2.2)
    rdoc (3.12.2)
      json (~> 1.4)
    retrospec (0.4.0)
      trollop
    rspec (3.5.0)
      rspec-core (~> 3.5.0)
      rspec-expectations (~> 3.5.0)
      rspec-mocks (~> 3.5.0)
    rspec-core (3.5.1)
      rspec-support (~> 3.5.0)
    rspec-expectations (3.5.0)
      diff-lcs (>= 1.2.0, < 2.0)
      rspec-support (~> 3.5.0)
    rspec-mocks (3.5.0)
      diff-lcs (>= 1.2.0, < 2.0)
      rspec-support (~> 3.5.0)
    rspec-support (3.5.0)
    rubocop (0.42.0)
      parser (>= 2.3.1.1, < 3.0)
      powerpack (~> 0.1)
      rainbow (>= 1.99.1, < 3.0)
      ruby-progressbar (~> 1.7)
      unicode-display_width (~> 1.0, >= 1.0.1)
    ruby-progressbar (1.8.1)
    slop (3.6.0)
    trollop (2.1.2)
    unicode-display_width (1.1.0)
    yard (0.9.5)

PLATFORMS
  ruby

DEPENDENCIES
  awesome_print
  bundler (~> 1.0)
  facets
  fakefs
  pry
  puppet (= 4.5.2)!
  rake
  rdoc (~> 3.12)
  retrospec (~> 0.4)
  rspec (~> 3.2)
  rubocop
  trollop
  yard (~> 0.7)

BUNDLED WITH
   1.12.5
