PATH
  remote: .
  specs:
    puppet-retrospec (1.6.1)
      awesome_print
      facets
      retrospec (>= 0.6.2)
      trollop

PATH
  remote: vendor/pup410
  specs:
    puppet (4.10.8)

GEM
  remote: http://rubygems.org/
  specs:
    ast (2.3.0)
    awesome_print (1.7.0)
    childprocess (0.5.9)
      ffi (~> 1.0, >= 1.0.11)
    coderay (1.1.1)
    diff-lcs (1.2.5)
    facets (3.1.0)
    facter (2.4.6)
    fakefs (0.9.1)
    ffi (1.9.18)
    iniparse (1.4.2)
    json (1.8.3)
    json_pure (2.0.1)
    method_source (0.8.2)
    overcommit (0.38.0)
      childprocess (~> 0.5.8)
      iniparse (~> 1.4)
    parser (2.3.1.4)
      ast (~> 2.2)
    powerpack (0.1.1)
    pry (0.10.4)
      coderay (~> 1.1.0)
      method_source (~> 0.8.1)
      slop (~> 3.4)
    rainbow (2.1.0)
    rake (11.3.0)
    rdoc (3.12.2)
      json (~> 1.4)
    retrospec (0.6.2)
      trollop
    rspec (3.5.0)
      rspec-core (~> 3.5.0)
      rspec-expectations (~> 3.5.0)
      rspec-mocks (~> 3.5.0)
    rspec-core (3.5.3)
      rspec-support (~> 3.5.0)
    rspec-expectations (3.5.0)
      diff-lcs (>= 1.2.0, < 2.0)
      rspec-support (~> 3.5.0)
    rspec-mocks (3.5.0)
      diff-lcs (>= 1.2.0, < 2.0)
      rspec-support (~> 3.5.0)
    rspec-support (3.5.0)
    rubocop (0.43.0)
      parser (>= 2.3.1.1, < 3.0)
      powerpack (~> 0.1)
      rainbow (>= 1.99.1, < 3.0)
      ruby-progressbar (~> 1.7)
      unicode-display_width (~> 1.0, >= 1.0.1)
    ruby-progressbar (1.8.1)
    slop (3.6.0)
    trollop (2.1.2)
    unicode-display_width (1.1.1)
    yard (0.9.5)

PLATFORMS
  ruby

DEPENDENCIES
  awesome_print
  bundler (~> 1.0)
  facets
  facter
  fakefs
  json_pure (= 2.0.1)
  overcommit
  pry
  puppet (= 4.10.8)!
  puppet-retrospec!
  rake
  rdoc (~> 3.12)
  retrospec (>= 0.6.1)
  rspec (~> 3.2)
  rubocop
  trollop
  yard (~> 0.7)

BUNDLED WITH
   1.15.4
